GEM
  remote: https://rubygems.org/
  specs:
    activesupport (4.0.0)
      i18n (~> 0.6, >= 0.6.4)
      minitest (~> 4.2)
      multi_json (~> 1.3)
      thread_safe (~> 0.1)
      tzinfo (~> 0.3.37)
    atomic (1.1.14)
    groupdocs (1.9.0)
      activesupport (>= 3.0)
      json (~> 1.7)
      mime-types (~> 1.19)
      rest-client (~> 1.6)
    haml (4.0.3)
      tilt
    i18n (0.6.5)
    json (1.8.1)
    mime-types (1.25)
    minitest (4.7.5)
    multi_json (1.8.2)
    rack (1.5.2)
    rack-protection (1.5.1)
      rack
    rest-client (1.6.7)
      mime-types (>= 1.16)
    sinatra (1.3.6)
      rack (~> 1.4)
      rack-protection (~> 1.3)
      tilt (~> 1.3, >= 1.3.3)
    thread_safe (0.1.3)
      atomic
    tilt (1.4.1)
    tzinfo (0.3.38)

PLATFORMS
  x86-mingw32

DEPENDENCIES
  groupdocs (= 1.9.0)
  haml
  sinatra (= 1.3.6)
